GEM
  remote: http://rubygems.org/
  specs:
    terminal-table (1.4.5)
    thor (0.17.0)

PLATFORMS
  ruby

DEPENDENCIES
  terminal-table
  thor
